GIT
  remote: https://github.com/intrigueio/NeutrinoAPI-Ruby.git
  revision: e60a545d365dce7e74a79673a42f26c88d6b9fbb
  specs:
    neutrino_api (3.4.6)
      certifi (~> 2016)
      faraday (>= 1.0)
      faraday-http-cache (~> 2.2.0, >= 1.2.2)
      faraday_middleware (>= 0.9.1)
      logging (~> 2.0)
      test-unit (~> 3.1, >= 3.1.5)

GIT
  remote: https://github.com/intrigueio/chrome_remote.git
  revision: 084cb663abdc458a2af16c134f1446151bcbd5c0
  specs:
    chrome_remote (0.3.0)
      websocket-driver (~> 0.6)

GIT
  remote: https://github.com/intrigueio/cloudflare.git
  revision: 2dcc737c94c65c1e6b55400487ed2eb5db3d805c
  specs:
    cloudflare (4.3.0)
      async-rest (~> 0.12.3)

GIT
  remote: https://github.com/intrigueio/intrigue-ident.git
  revision: 59b4adcb6f27a37ad725bf224072cdbac630b319
  branch: main
  specs:
    intrigue-ident (6.0.0)
      dnsruby
      mongo
      murmurhash3
      recog-intrigue
      snmp
      socketry
      typhoeus

GIT
  remote: https://github.com/intrigueio/ip_ranger
  revision: e1e4080070cf699cd0b80c5c8d6d5dddfc19d4b8
  specs:
    ip_ranger (0.0.2)

GIT
  remote: https://github.com/intrigueio/maxminddb
  revision: 6bfbca87bcade0311096935c2f27a250b6bac330
  specs:
    maxminddb (0.1.22)

GIT
  remote: https://github.com/intrigueio/rex-sslscan.git
  revision: d67bd0e50f22c4f591c2381a86f5a91f9cebbe61
  specs:
    rex-sslscan (0.1.7)
      rex-core
      rex-socket
      rex-text

GIT
  remote: https://github.com/intrigueio/ruby-snmp.git
  revision: 963464f7a9e517beb0663245a653a456c9b190ef
  specs:
    snmp (1.3.2)
      bundler
      minitest
      rake
      rdoc

GIT
  remote: https://github.com/intrigueio/spidr.git
  revision: 8632954e648923de6520f70fcb93ce55f6ecbb03
  specs:
    spidr (0.6.1)
      nokogiri (~> 1.3)

GIT
  remote: https://github.com/pentestify/censys.git
  revision: a2b7243565870cce8283d01c85e9b92e9f4d8ddd
  specs:
    censys (0.2.2)
      rest-client (~> 2.0)

GIT
  remote: https://github.com/pentestify/opencorporates.git
  revision: d4a1c950665c81c815f263fa3240018fada83d39
  specs:
    opencorporates (0.0.1)

GIT
  remote: https://github.com/pentestify/ruby-nmap.git
  revision: ce5075972c2708901ab2a962a4cca5f6c9a99b54
  specs:
    ruby-nmap (0.9.0)
      nokogiri (~> 1.3)
      rprogram (~> 0.3)

GIT
  remote: https://github.com/pentestify/whoisology.git
  revision: e143ac84c6b1baf72ea7cb8a3d8bdfb260f96e36
  specs:
    whoisology (0.1.0)

PATH
  remote: api_client
  specs:
    intrigue_api_client (1.6.0)
      json
      rest-client

GEM
  remote: https://rubygems.org/
  specs:
    activesupport (7.0.4)
      concurrent-ruby (~> 1.0, >= 1.0.2)
      i18n (>= 1.6, < 2)
      minitest (>= 5.1)
      tzinfo (~> 2.0)
    addressable (2.8.1)
      public_suffix (>= 2.0.2, < 6.0)
    async (1.30.3)
      console (~> 1.10)
      nio4r (~> 2.3)
      timers (~> 4.1)
    async-dns (1.3.0)
      async-io (~> 1.15)
    async-http (0.59.2)
      async (>= 1.25)
      async-io (>= 1.28)
      async-pool (>= 0.2)
      protocol-http (~> 0.23.1)
      protocol-http1 (~> 0.14.0)
      protocol-http2 (~> 0.14.0)
      traces (>= 0.4.0)
    async-io (1.34.0)
      async
    async-pool (0.3.12)
      async (>= 1.25)
    async-rest (0.12.4)
      async-http (~> 0.42)
      protocol-http (~> 0.7)
    aws-eventstream (1.2.0)
    aws-partitions (1.633.0)
    aws-sdk-core (3.151.0)
      aws-eventstream (~> 1, >= 1.0.2)
      aws-partitions (~> 1, >= 1.525.0)
      aws-sigv4 (~> 1.1)
      jmespath (~> 1, >= 1.6.1)
    aws-sdk-ec2 (1.336.0)
      aws-sdk-core (~> 3, >= 3.127.0)
      aws-sigv4 (~> 1.1)
    aws-sdk-ecs (1.101.0)
      aws-sdk-core (~> 3, >= 3.127.0)
      aws-sigv4 (~> 1.1)
    aws-sdk-iam (1.70.0)
      aws-sdk-core (~> 3, >= 3.127.0)
      aws-sigv4 (~> 1.1)
    aws-sdk-kms (1.58.0)
      aws-sdk-core (~> 3, >= 3.127.0)
      aws-sigv4 (~> 1.1)
    aws-sdk-route53 (1.65.0)
      aws-sdk-core (~> 3, >= 3.127.0)
      aws-sigv4 (~> 1.1)
    aws-sdk-s3 (1.114.0)
      aws-sdk-core (~> 3, >= 3.127.0)
      aws-sdk-kms (~> 1)
      aws-sigv4 (~> 1.4)
    aws-sdk-sqs (1.51.1)
      aws-sdk-core (~> 3, >= 3.127.0)
      aws-sigv4 (~> 1.1)
    aws-sigv4 (1.5.1)
      aws-eventstream (~> 1, >= 1.0.2)
    bindata (2.4.10)
    blockenspiel (0.5.0)
    bson (4.15.0)
    builder (3.2.4)
    byebug (11.1.3)
    certifi (2016.09.26)
    coderay (1.1.3)
    command_lion (2.0.1)
    compare-xml (0.66)
      nokogiri (~> 1.8)
    concurrent-ruby (1.1.10)
    connection_pool (2.3.0)
    console (1.15.3)
      fiber-local
    couchrest (2.0.1)
      httpclient (~> 2.8)
      mime-types (>= 1.15)
      multi_json (~> 1.7)
    declarative (0.0.20)
    diff-lcs (1.5.0)
    digest-crc (0.6.4)
      rake (>= 12.0.0, < 14.0.0)
    dnsimple (8.1.0)
      httparty
    dnsruby (1.61.9)
      simpleidn (~> 0.1)
    domain_name (0.5.20190701)
      unf (>= 0.0.5, < 1.0.0)
    elastic-transport (8.1.0)
      faraday (< 3)
      multi_json
    elasticsearch (8.4.0)
      elastic-transport (~> 8)
      elasticsearch-api (= 8.4.0)
    elasticsearch-api (8.4.0)
      multi_json
    ethon (0.15.0)
      ffi (>= 1.15.0)
    eventmachine (1.2.7)
    excon (0.92.4)
    faraday (1.10.2)
      faraday-em_http (~> 1.0)
      faraday-em_synchrony (~> 1.0)
      faraday-excon (~> 1.1)
      faraday-httpclient (~> 1.0)
      faraday-multipart (~> 1.0)
      faraday-net_http (~> 1.0)
      faraday-net_http_persistent (~> 1.0)
      faraday-patron (~> 1.0)
      faraday-rack (~> 1.0)
      faraday-retry (~> 1.0)
      ruby2_keywords (>= 0.0.4)
    faraday-em_http (1.0.0)
    faraday-em_synchrony (1.0.0)
    faraday-excon (1.1.0)
    faraday-http-cache (2.2.0)
      faraday (>= 0.8)
    faraday-httpclient (1.0.1)
    faraday-multipart (1.0.4)
      multipart-post (~> 2)
    faraday-net_http (1.0.1)
    faraday-net_http_persistent (1.2.0)
    faraday-patron (1.0.0)
    faraday-rack (1.0.0)
    faraday-retry (1.0.3)
    faraday_middleware (1.2.0)
      faraday (~> 1.0)
    faraday_middleware-aws-sigv4 (0.6.1)
      aws-sigv4 (~> 1.0)
      faraday (>= 1.8, < 2)
    ffi (1.15.5)
    fiber-local (1.0.0)
    filesize (0.2.0)
    flareon (1.0.5)
      command_lion (= 2.0.1)
      httparty (~> 0.16.2)
      parallel (~> 1.12.1)
    fog-aws (3.15.0)
      fog-core (~> 2.1)
      fog-json (~> 1.1)
      fog-xml (~> 0.1)
    fog-core (2.3.0)
      builder
      excon (~> 0.71)
      formatador (>= 0.2, < 2.0)
      mime-types
    fog-json (1.2.0)
      fog-core
      multi_json (~> 1.10)
    fog-xml (0.1.4)
      fog-core
      nokogiri (>= 1.5.11, < 2.0.0)
    foreman (0.87.2)
    formatador (1.1.0)
    gem-licenses (0.2.2)
    gems (1.2.0)
    god (0.13.7)
    google-api-client (0.53.0)
      google-apis-core (~> 0.1)
      google-apis-generator (~> 0.1)
    google-apis-core (0.9.0)
      addressable (~> 2.5, >= 2.5.1)
      googleauth (>= 0.16.2, < 2.a)
      httpclient (>= 2.8.1, < 3.a)
      mini_mime (~> 1.0)
      representable (~> 3.0)
      retriable (>= 2.0, < 4.a)
      rexml
      webrick
    google-apis-discovery_v1 (0.11.0)
      google-apis-core (>= 0.7, < 2.a)
    google-apis-generator (0.10.0)
      activesupport (>= 5.0)
      gems (~> 1.2)
      google-apis-core (>= 0.9.0, < 2.a)
      google-apis-discovery_v1 (~> 0.5)
      thor (>= 0.20, < 2.a)
    google-apis-iamcredentials_v1 (0.14.0)
      google-apis-core (>= 0.7.2, < 2.a)
    google-apis-storage_v1 (0.17.0)
      google-apis-core (>= 0.7, < 2.a)
    google-cloud-core (1.6.0)
      google-cloud-env (~> 1.0)
      google-cloud-errors (~> 1.0)
    google-cloud-env (1.6.0)
      faraday (>= 0.17.3, < 3.0)
    google-cloud-errors (1.3.0)
    google-cloud-storage (1.42.0)
      addressable (~> 2.8)
      digest-crc (~> 0.4)
      google-apis-iamcredentials_v1 (~> 0.1)
      google-apis-storage_v1 (~> 0.17.0)
      google-cloud-core (~> 1.6)
      googleauth (>= 0.16.2, < 2.a)
      mini_mime (~> 1.0)
    google_search_results (2.2.0)
    googleajax (1.0.1)
      json (>= 1.0.0)
    googleauth (1.2.0)
      faraday (>= 0.17.3, < 3.a)
      jwt (>= 1.4, < 3.0)
      memoist (~> 0.16)
      multi_json (~> 1.11)
      os (>= 0.9, < 2.0)
      signet (>= 0.16, < 2.a)
    hitimes (1.3.1)
    http-2 (0.11.0)
    http-accept (1.7.0)
    http-cookie (1.0.5)
      domain_name (~> 0.5)
    httparty (0.16.4)
      mime-types (~> 3.0)
      multi_xml (>= 0.5.2)
    httpclient (2.8.3)
    i18n (1.12.0)
      concurrent-ruby (~> 1.0)
    iconv (1.0.8)
    ipaddr (1.2.4)
    jmespath (1.6.1)
    jsobfu (0.4.2)
      rkelly-remix
    json (2.6.2)
    jwt (2.5.0)
    little-plugger (1.1.4)
    logging (2.3.1)
      little-plugger (~> 1.1)
      multi_json (~> 1.14)
    memoist (0.16.2)
    metasm (1.0.5)
    method_source (1.0.0)
    mime-types (3.4.1)
      mime-types-data (~> 3.2015)
    mime-types-data (3.2022.0105)
    mini_mime (1.1.2)
    mini_portile2 (2.8.0)
    minitest (5.16.3)
    mongo (2.18.1)
      bson (>= 4.14.1, < 5.0.0)
    multi_json (1.15.0)
    multi_xml (0.6.0)
    multipart-post (2.2.3)
    murmurhash3 (0.1.6)
    mustermann (2.0.2)
      ruby2_keywords (~> 0.0.1)
    net-dns (0.9.0)
    net-http2 (0.18.4)
      http-2 (~> 0.11)
    netrc (0.11.0)
    nio4r (2.5.8)
    nokogiri (1.13.8)
      mini_portile2 (~> 2.8.0)
      racc (~> 1.4)
    nokogiri (1.13.8-x86_64-darwin)
      racc (~> 1.4)
    nokogiri (1.13.8-x86_64-linux)
      racc (~> 1.4)
    octokit (4.25.1)
      faraday (>= 1, < 3)
      sawyer (~> 0.9)
    open3 (0.1.1)
    openssl (3.0.1)
    openssl-ccm (1.2.3)
    openssl-cmac (2.0.2)
    os (1.1.4)
    parallel (1.12.1)
    pg (1.4.3)
    power_assert (2.0.1)
    protocol-hpack (1.4.2)
    protocol-http (0.23.12)
    protocol-http1 (0.14.6)
      protocol-http (~> 0.22)
    protocol-http2 (0.14.2)
      protocol-hpack (~> 1.4)
      protocol-http (~> 0.18)
    pry (0.14.1)
      coderay (~> 1.1)
      method_source (~> 1.0)
    pry-byebug (3.10.1)
      byebug (~> 11.0)
      pry (>= 0.13, < 0.15)
    psych (4.0.5)
      stringio
    public_suffix (5.0.0)
    puma (5.6.5)
      nio4r (~> 2.0)
    racc (1.6.0)
    rack (2.2.4)
    rack-cors (1.1.1)
      rack (>= 2.0.0)
    rack-protection (2.2.2)
      rack
    rack-test (2.0.2)
      rack (>= 1.3)
    rake (13.0.6)
    rb-readline (0.5.5)
    rdoc (6.4.0)
      psych (>= 4.0.0)
    recog-intrigue (2.3.14)
      nokogiri
    redis (4.8.0)
    redis-namespace (1.9.0)
      redis (>= 4)
    representable (3.2.0)
      declarative (< 0.1.0)
      trailblazer-option (>= 0.1.1, < 0.2.0)
      uber (< 0.2.0)
    rest-client (2.1.0)
      http-accept (>= 1.7.0, < 2.0)
      http-cookie (>= 1.0.2, < 2.0)
      mime-types (>= 1.16, < 4.0)
      netrc (~> 0.8)
    retriable (3.1.2)
    rex (2.0.13)
      filesize (~> 0)
      jsobfu (~> 0)
      json (~> 2)
      metasm (~> 1)
      nokogiri (~> 1)
      rb-readline (~> 0)
    rex-core (0.1.28)
    rex-socket (0.1.43)
      rex-core
    rex-text (0.2.45)
    rexml (3.2.5)
    rkelly-remix (0.0.7)
    rprogram (0.3.2)
    rspec (3.11.0)
      rspec-core (~> 3.11.0)
      rspec-expectations (~> 3.11.0)
      rspec-mocks (~> 3.11.0)
    rspec-core (3.11.0)
      rspec-support (~> 3.11.0)
    rspec-expectations (3.11.1)
      diff-lcs (>= 1.2.0, < 2.0)
      rspec-support (~> 3.11.0)
    rspec-mocks (3.11.1)
      diff-lcs (>= 1.2.0, < 2.0)
      rspec-support (~> 3.11.0)
    rspec-support (3.11.1)
    ruby2_keywords (0.0.5)
    ruby_smb (3.2.0)
      bindata
      openssl-ccm
      openssl-cmac
      rubyntlm
      windows_error (>= 0.1.4)
    rubyntlm (0.6.3)
    rubyzip (2.3.2)
    sawyer (0.9.2)
      addressable (>= 2.3.5)
      faraday (>= 0.17.3, < 3)
    sentry-ruby (5.4.2)
      concurrent-ruby (~> 1.0, >= 1.0.2)
    sentry-sidekiq (5.4.2)
      sentry-ruby (~> 5.4.2)
      sidekiq (>= 3.0)
    sequel (5.60.1)
    shodan (1.0.0)
      json (>= 1.4.6)
    sidekiq (6.5.7)
      connection_pool (>= 2.2.5)
      rack (~> 2.0)
      redis (>= 4.5.0, < 5)
    sidekiq-failures (1.0.4)
      sidekiq (>= 4.0.0)
    sidekiq-limit_fetch (4.3.2)
      redis (>= 4.6.0)
      sidekiq (>= 4)
    signet (0.17.0)
      addressable (~> 2.8)
      faraday (>= 0.17.5, < 3.a)
      jwt (>= 1.5, < 3.0)
      multi_json (~> 1.10)
    simpleidn (0.2.1)
      unf (~> 0.1.4)
    sinatra (2.2.2)
      mustermann (~> 2.0)
      rack (~> 2.2)
      rack-protection (= 2.2.2)
      tilt (~> 2.0)
    sinatra-contrib (2.2.2)
      multi_json
      mustermann (~> 2.0)
      rack-protection (= 2.2.2)
      sinatra (= 2.2.2)
      tilt (~> 2.0)
    socketry (0.5.1)
      hitimes (~> 1.2)
    sqlite3 (1.5.0)
      mini_portile2 (~> 2.8.0)
    sqlite3 (1.5.0-x86_64-darwin)
    sqlite3 (1.5.0-x86_64-linux)
    stringio (3.0.2)
    test-unit (3.5.3)
      power_assert
    thor (1.2.1)
    tilt (2.0.11)
    timers (4.3.4)
    towerdata_api (1.3.1)
    traces (0.7.0)
    trailblazer-option (0.1.2)
    typhoeus (1.4.0)
      ethon (>= 0.9.0)
    tzinfo (2.0.5)
      concurrent-ruby (~> 1.0)
    uber (0.1.0)
    unf (0.1.4)
      unf_ext
    unf_ext (0.0.8.2)
    versionomy (0.5.0)
      blockenspiel (~> 0.5)
    webrick (1.7.0)
    websocket-driver (0.7.5)
      websocket-extensions (>= 0.1.0)
    websocket-extensions (0.1.5)
    whois (5.1.0)
    whois-parser (2.0.0)
      activesupport (>= 4)
      whois (>= 4.1.0)
    windows_error (0.1.4)
    yajl-ruby (1.4.3)
    yard (0.9.28)
      webrick (~> 1.7.0)
    zetalytics (0.1.2)
      json

PLATFORMS
  ruby
  x86_64-darwin-20
  x86_64-linux

DEPENDENCIES
  async-dns
  aws-sdk-ec2
  aws-sdk-ecs
  aws-sdk-iam
  aws-sdk-route53
  aws-sdk-s3
  aws-sdk-sqs
  censys!
  chrome_remote!
  cloudflare!
  compare-xml
  couchrest
  dnsimple
  dnsruby
  elasticsearch
  eventmachine
  faraday_middleware-aws-sigv4
  flareon
  fog-aws
  foreman
  gem-licenses
  god
  google-api-client
  google-cloud-storage
  google_search_results
  googleajax
  googleauth
  http-2
  iconv
  intrigue-ident!
  intrigue_api_client!
  ip_ranger!
  ipaddr
  json (>= 2.3.0)
  maxminddb!
  net-dns
  net-http2
  neutrino_api!
  nokogiri
  octokit (~> 4.0)
  open3
  opencorporates!
  openssl
  pg
  pry
  pry-byebug
  puma
  rack-cors
  rack-protection
  rack-test
  rake
  redis
  redis-namespace
  rest-client
  rex
  rex-sslscan!
  rspec
  ruby-nmap!
  ruby_smb
  rubyzip
  sentry-ruby
  sentry-sidekiq
  sequel
  shodan
  sidekiq
  sidekiq-failures
  sidekiq-limit_fetch
  sinatra
  sinatra-contrib
  snmp!
  spidr!
  sqlite3
  thor
  towerdata_api
  typhoeus
  versionomy
  whois
  whois-parser
  whoisology!
  yajl-ruby
  yard
  zetalytics

RUBY VERSION
   ruby 2.7.2p137

BUNDLED WITH
   2.3.21
